GEM
  remote: https://rubygems.org/
  specs:
    action_cable_client (3.1.0)
      websocket-eventmachine-client (>= 1.2.0)
    eventmachine (1.2.7)
    json (2.6.3)
    websocket (1.2.9)
    websocket-eventmachine-base (1.2.0)
      eventmachine (~> 1.0)
      websocket (~> 1.0)
      websocket-native (~> 1.0)
    websocket-eventmachine-client (1.3.0)
      websocket-eventmachine-base (~> 1.0)
    websocket-native (1.0.0)

PLATFORMS
  arm64-darwin-21
  armv7l-linux-eabihf

DEPENDENCIES
  action_cable_client
  json

RUBY VERSION
   ruby 3.2.1p31

BUNDLED WITH
   2.4.7
